PATH
  remote: .
  specs:
    intesisbox (0.0.1)
      mqtt (~> 0.5.0)

GEM
  remote: https://rubygems.org/
  specs:
    byebug (9.1.0)
    mqtt (0.5.0)
    rake (13.0.1)

PLATFORMS
  ruby

DEPENDENCIES
  byebug (~> 9.0)
  intesisbox!
  rake (~> 13.0)

BUNDLED WITH
   2.1.4
